GEM
  remote: https://rubygems.org/
  specs:
    hpricot (0.8.6)
    kramdown (1.9.0)

PLATFORMS
  ruby

DEPENDENCIES
  hpricot
  kramdown

BUNDLED WITH
   1.13.7
